GIT
  remote: https://github.com/sdubinsky/milon.git
  revision: 7ddffba59579454c2d9a66f81924bc902e402bbe
  specs:
    milon (0.1.0)

GEM
  remote: https://rubygems.org/
  specs:
    coderay (1.1.3)
    daemons (1.3.1)
    eventmachine (1.2.7)
    ffi (1.13.1)
    listen (3.2.1)
      rb-fsevent (~> 0.10, >= 0.10.3)
      rb-inotify (~> 0.9, >= 0.9.10)
    method_source (1.0.0)
    mustermann (1.1.1)
      ruby2_keywords (~> 0.0.1)
    pg (1.2.3)
    pry (0.13.1)
      coderay (~> 1.1)
      method_source (~> 1.0)
    rack (2.2.3)
    rack-protection (2.2.0)
      rack
    rake (13.0.1)
    rb-fsevent (0.10.4)
    rb-inotify (0.10.1)
      ffi (~> 1.0)
    rerun (0.13.0)
      listen (~> 3.0)
    ruby2_keywords (0.0.5)
    sequel (5.34.0)
    sinatra (2.2.0)
      mustermann (~> 1.0)
      rack (~> 2.2)
      rack-protection (= 2.2.0)
      tilt (~> 2.0)
    thin (1.7.2)
      daemons (~> 1.0, >= 1.0.9)
      eventmachine (~> 1.0, >= 1.0.4)
      rack (>= 1, < 3)
    tilt (2.0.10)

PLATFORMS
  ruby

DEPENDENCIES
  milon!
  pg
  pry
  rake
  rerun
  sequel
  sinatra (~> 2.2)
  thin

RUBY VERSION
   ruby 2.5.3p105

BUNDLED WITH
   1.17.1
