GIT
  remote: https://github.com/sdubinsky/milon.git
  revision: 7ddffba59579454c2d9a66f81924bc902e402bbe
  specs:
    milon (0.1.0)

GEM
  remote: https://rubygems.org/
  specs:
    coderay (1.1.3)
    ffi (1.15.5)
    listen (3.7.1)
      rb-fsevent (~> 0.10, >= 0.10.3)
      rb-inotify (~> 0.9, >= 0.9.10)
    method_source (1.0.0)
    mustermann (2.0.2)
      ruby2_keywords (~> 0.0.1)
    nio4r (2.5.8)
    pg (1.4.3)
    pry (0.14.1)
      coderay (~> 1.1)
      method_source (~> 1.0)
    puma (5.6.5)
      nio4r (~> 2.0)
    rack (2.2.6.3)
    rack-protection (2.2.2)
      rack
    rake (13.0.6)
    rb-fsevent (0.11.2)
    rb-inotify (0.10.1)
      ffi (~> 1.0)
    rerun (0.13.1)
      listen (~> 3.0)
    ruby2_keywords (0.0.5)
    sequel (5.60.0)
    sinatra (2.2.2)
      mustermann (~> 2.0)
      rack (~> 2.2)
      rack-protection (= 2.2.2)
      tilt (~> 2.0)
    tilt (2.0.11)

PLATFORMS
  ruby

DEPENDENCIES
  milon!
  pg
  pry
  puma
  rake
  rerun
  sequel
  sinatra (~> 2.0)

RUBY VERSION
   ruby 3.1.2p20

BUNDLED WITH
   2.3.7
