GIT
  remote: https://github.com/sdubinsky/milon.git
  revision: 7ddffba59579454c2d9a66f81924bc902e402bbe
  specs:
    milon (0.1.0)

GEM
  remote: https://rubygems.org/
  specs:
    ffi (1.9.14)
    listen (3.1.5)
      rb-fsevent (~> 0.9, >= 0.9.4)
      rb-inotify (~> 0.9, >= 0.9.7)
      ruby_dep (~> 1.2)
    rack (1.6.5)
    rack-protection (1.5.3)
      rack
    rb-fsevent (0.9.8)
    rb-inotify (0.9.7)
      ffi (>= 0.5.0)
    rerun (0.11.0)
      listen (~> 3.0)
    ruby_dep (1.5.0)
    sinatra (1.4.7)
      rack (~> 1.5)
      rack-protection (~> 1.4)
      tilt (>= 1.3, < 3)
    tilt (2.0.5)

PLATFORMS
  ruby

DEPENDENCIES
  milon!
  rerun
  sinatra (~> 1.4)

BUNDLED WITH
   1.13.6
