GIT
  remote: https://github.com/sdubinsky/milon.git
  revision: 7ddffba59579454c2d9a66f81924bc902e402bbe
  specs:
    milon (0.1.0)

GEM
  remote: https://rubygems.org/
  specs:
    coderay (1.1.2)
    daemons (1.3.1)
    eventmachine (1.2.7)
    ffi (1.10.0)
    listen (3.1.5)
      rb-fsevent (~> 0.9, >= 0.9.4)
      rb-inotify (~> 0.9, >= 0.9.7)
      ruby_dep (~> 1.2)
    method_source (0.9.2)
    mustermann (1.0.3)
    pg (1.1.4)
    pry (0.12.2)
      coderay (~> 1.1.0)
      method_source (~> 0.9.0)
    rack (2.0.6)
    rack-protection (2.0.5)
      rack
    rake (12.3.2)
    rb-fsevent (0.10.3)
    rb-inotify (0.10.0)
      ffi (~> 1.0)
    rerun (0.13.0)
      listen (~> 3.0)
    ruby_dep (1.5.0)
    sequel (5.18.0)
    sinatra (2.0.5)
      mustermann (~> 1.0)
      rack (~> 2.0)
      rack-protection (= 2.0.5)
      tilt (~> 2.0)
    thin (1.7.2)
      daemons (~> 1.0, >= 1.0.9)
      eventmachine (~> 1.0, >= 1.0.4)
      rack (>= 1, < 3)
    tilt (2.0.9)

PLATFORMS
  ruby

DEPENDENCIES
  milon!
  pg
  pry
  rake
  rerun
  sequel
  sinatra (~> 2.0)
  thin

RUBY VERSION
   ruby 2.5.3p105

BUNDLED WITH
   1.17.1
